GEM
  remote: http://rubygems.org/
  specs:
    builder (3.2.2)
    bump (0.5.1)
    diff-lcs (1.2.5)
    domain_name (0.5.20190701)
      unf (>= 0.0.5, < 1.0.0)
    gherkin (2.12.2)
      multi_json (~> 1.3)
    http-cookie (1.0.3)
      domain_name (~> 0.5)
    mime-types (2.99.3)
    mini_portile (0.6.2)
    multi_json (1.10.1)
    netrc (0.11.0)
    nokogiri (1.6.6.2)
      mini_portile (~> 0.6.0)
    rake (10.4.2)
    rest-client (1.8.0)
      http-cookie (>= 1.0.2, < 2.0)
      mime-types (>= 1.16, < 3.0)
      netrc (~> 0.7)
    rspec (3.2.0)
      rspec-core (~> 3.2.0)
      rspec-expectations (~> 3.2.0)
      rspec-mocks (~> 3.2.0)
    rspec-core (3.2.0)
      rspec-support (~> 3.2.0)
    rspec-expectations (3.2.0)
      diff-lcs (>= 1.2.0, < 2.0)
      rspec-support (~> 3.2.0)
    rspec-mocks (3.2.0)
      diff-lcs (>= 1.2.0, < 2.0)
      rspec-support (~> 3.2.0)
    rspec-support (3.2.1)
    turnip (1.2.4)
      gherkin (>= 2.5)
      rspec (>= 2.14.0, < 4.0)
    unf (0.1.4)
      unf_ext
    unf_ext (0.0.7.7)
    yarjuf (2.0.0)
      builder
      rspec (~> 3)

PLATFORMS
  ruby

DEPENDENCIES
  bump
  nokogiri (~> 1.6.0)
  rake
  rest-client (~> 1.8.0)
  rspec
  turnip
  yarjuf

BUNDLED WITH
   1.10.3
